GEM
  remote: https://rubygems.org/
  specs:
    ansi (1.5.0)
    builder (3.2.3)
    minitest (5.11.3)
    minitest-reporters (1.3.8)
      ansi
      builder
      minitest (>= 5.0)
      ruby-progressbar
    rake (12.3.3)
    ruby-progressbar (1.10.1)

PLATFORMS
  ruby

DEPENDENCIES
  minitest (~> 5.11.3)
  minitest-reporters (~> 1.3.8)
  rake (~> 12.3.3)

RUBY VERSION
   ruby 2.6.3p62

BUNDLED WITH
   2.0.2
